GIT
  remote: https://github.com/zephyr-dev/cassandra_record.git
  revision: e6ff12a934e484154cbbaa145124ce1898c8ab06
  specs:
    cassandra_record (0.0.6)
      activesupport
      cassandra-driver

PATH
  remote: .
  specs:
    kenny_loggins (0.0.1)

GEM
  remote: https://rubygems.org/
  specs:
    activesupport (4.2.0)
      i18n (~> 0.7)
      json (~> 1.7, >= 1.7.7)
      minitest (~> 5.1)
      thread_safe (~> 0.3, >= 0.3.4)
      tzinfo (~> 1.1)
    byebug (2.7.0)
      columnize (~> 0.3)
      debugger-linecache (~> 1.2)
    cassandra-driver (2.0.1)
      ione (~> 1.2)
    coderay (1.1.0)
    columnize (0.8.9)
    debugger-linecache (1.2.0)
    diff-lcs (1.2.5)
    i18n (0.7.0)
    ione (1.2.0)
    json (1.8.2)
    method_source (0.8.2)
    minitest (5.5.1)
    pry (0.9.12.6)
      coderay (~> 1.0)
      method_source (~> 0.8)
      slop (~> 3.4)
    pry-byebug (1.3.2)
      byebug (~> 2.7)
      pry (~> 0.9.12)
    pry-doc (0.6.0)
      pry (~> 0.9)
      yard (~> 0.8)
    rake (10.3.2)
    rspec (3.1.0)
      rspec-core (~> 3.1.0)
      rspec-expectations (~> 3.1.0)
      rspec-mocks (~> 3.1.0)
    rspec-core (3.1.7)
      rspec-support (~> 3.1.0)
    rspec-expectations (3.1.2)
      diff-lcs (>= 1.2.0, < 2.0)
      rspec-support (~> 3.1.0)
    rspec-mocks (3.1.3)
      rspec-support (~> 3.1.0)
    rspec-mocks-extensions (0.0.1)
    rspec-support (3.1.2)
    slop (3.5.0)
    thread_safe (0.3.4)
    tzinfo (1.2.2)
      thread_safe (~> 0.1)
    yard (0.8.7.6)

PLATFORMS
  ruby

DEPENDENCIES
  bundler (~> 1.7)
  cassandra_record!
  kenny_loggins!
  pry
  pry-byebug
  pry-doc
  rake (~> 10.0)
  rspec
  rspec-mocks-extensions
